GEM
  remote: http://rubygems.org/
  specs:
    hoe (3.0.7)
      rake (~> 0.8)
    json (1.7.4)
    minitest (3.3.0)
    rake (0.9.2.2)
    rdoc (3.12)
      json (~> 1.4)

PLATFORMS
  ruby

DEPENDENCIES
  hoe (~> 3.0)
  minitest (~> 3.2)
  rdoc (~> 3.10)
